GEM
  remote: http://rubygems.org/
  specs:
    power_assert (2.0.1)
    rake (13.0.6)
    rr (3.0.8)
    test-unit (3.5.1)
      power_assert
    test-unit-rr (1.0.5)
      rr (>= 1.1.1)
      test-unit (>= 2.5.2)

PLATFORMS
  ruby

DEPENDENCIES
  rake
  test-unit
  test-unit-rr
